GIT
  remote: git://github.com/eagletmt/fuubar.git
  revision: 43d1b46e00137c4509f713d29601c233c63f0ef9
  branch: rspec-300-rc1
  specs:
    fuubar (2.0.0.beta2)
      rspec (~> 3.0.0.rc1)
      ruby-progressbar (~> 1.4)

GIT
  remote: git://github.com/flapjack/sandstorm.git
  revision: fa2f8d4876668038b9236f785c6e42a5e0a89a03
  branch: master
  specs:
    sandstorm (0.0.1)
      activemodel (~> 3.2.18)
      redis

PATH
  remote: .
  specs:
    flapjack (0.9.0)
      activesupport (~> 3.2.18)
      chronic
      chronic_duration
      dante
      hiredis
      ice_cube
      mail
      oj (>= 2.9.0)
      redis (~> 3.0.6)
      sinatra
      tzinfo (~> 1.0.1)
      tzinfo-data
      xmpp4r (>= 0.5.5)

GEM
  remote: https://rubygems.org/
  specs:
    activemodel (3.2.18)
      activesupport (= 3.2.18)
      builder (~> 3.0.0)
    activesupport (3.2.18)
      i18n (~> 0.6, >= 0.6.4)
      multi_json (~> 1.0)
    addressable (2.3.6)
    builder (3.0.4)
    chronic (0.10.1)
    chronic_duration (0.10.4)
      numerizer (~> 0.1.1)
    crack (0.4.2)
      safe_yaml (~> 1.0.0)
    cucumber (1.3.6)
      builder (>= 2.1.2)
      diff-lcs (>= 1.1.3)
      gherkin (~> 2.12.0)
      multi_json (~> 1.7.5)
      multi_test (>= 0.0.2)
    dante (0.2.0)
    debugger-ruby_core_source (1.3.5)
    delorean (2.1.0)
      chronic
    diff-lcs (1.2.5)
    gherkin (2.12.1)
      multi_json (~> 1.3)
    hiredis (0.5.2)
    i18n (0.6.9)
    ice_cube (0.12.0)
    mail (2.5.4)
      mime-types (~> 1.16)
      treetop (~> 1.4.8)
    mime-types (1.25.1)
    multi_json (1.7.9)
    multi_test (0.0.2)
    numerizer (0.1.1)
    oj (2.9.3)
    perftools.rb (2.0.1)
    polyglot (0.3.4)
    rack (1.5.2)
    rack-protection (1.5.3)
      rack
    rack-test (0.6.2)
      rack (>= 1.0)
    rake (10.3.1)
    redis (3.0.7)
    rspec (3.0.0.rc1)
      rspec-core (= 3.0.0.rc1)
      rspec-expectations (= 3.0.0.rc1)
      rspec-mocks (= 3.0.0.rc1)
    rspec-core (3.0.0.rc1)
      rspec-support (= 3.0.0.rc1)
    rspec-expectations (3.0.0.rc1)
      diff-lcs (>= 1.2.0, < 2.0)
      rspec-support (= 3.0.0.rc1)
    rspec-mocks (3.0.0.rc1)
      rspec-support (= 3.0.0.rc1)
    rspec-support (3.0.0.rc1)
    ruby-prof (0.13.0)
    ruby-progressbar (1.5.1)
    safe_yaml (1.0.3)
    simplecov (0.7.1)
      multi_json (~> 1.0)
      simplecov-html (~> 0.7.1)
    simplecov-html (0.7.1)
    sinatra (1.4.5)
      rack (~> 1.4)
      rack-protection (~> 1.4)
      tilt (~> 1.3, >= 1.3.4)
    tilt (1.4.1)
    treetop (1.4.15)
      polyglot
      polyglot (>= 0.3.1)
    tzinfo (1.0.1)
    tzinfo-data (1.2014.3)
      tzinfo (>= 1.0.0)
    webmock (1.18.0)
      addressable (>= 2.3.6)
      crack (>= 0.3.2)
    xmpp4r (0.5.6)

PLATFORMS
  ruby

DEPENDENCIES
  cucumber
  debugger-ruby_core_source (>= 1.3.5)
  delorean
  flapjack!
  fuubar!
  perftools.rb
  rack-test
  rake
  rspec (~> 3.0.0.rc1)
  ruby-prof
  sandstorm!
  simplecov
  webmock
