GIT
  remote: git://github.com/ali-graham/sandstorm.git
  revision: dc9fb058652c998e81090f628bfcd9885ebf3633
  branch: master
  specs:
    sandstorm (0.0.1)
      activemodel
      redis

PATH
  remote: .
  specs:
    flapjack (0.8.2)
      activesupport (~> 3.2.16)
      chronic
      chronic_duration
      dante
      hiredis
      ice_cube
      mail
      oj
      redis (~> 3.0.6)
      sinatra
      tzinfo (~> 1.0.1)
      tzinfo-data
      xmpp4r (>= 0.5.5)

GEM
  remote: https://rubygems.org/
  specs:
    activemodel (3.2.16)
      activesupport (= 3.2.16)
      builder (~> 3.0.0)
    activesupport (3.2.16)
      i18n (~> 0.6, >= 0.6.4)
      multi_json (~> 1.0)
    addressable (2.3.5)
    builder (3.0.4)
    celluloid (0.15.2)
      timers (~> 1.1.0)
    chronic (0.10.1)
    chronic_duration (0.10.2)
      numerizer (~> 0.1.1)
    coderay (1.1.0)
    crack (0.4.1)
      safe_yaml (~> 0.9.0)
    cucumber (1.3.6)
      builder (>= 2.1.2)
      diff-lcs (>= 1.1.3)
      gherkin (~> 2.12.0)
      multi_json (~> 1.7.5)
      multi_test (>= 0.0.2)
    dante (0.2.0)
    debugger-ruby_core_source (1.3.1)
    delorean (2.1.0)
      chronic
    diff-lcs (1.2.5)
    ffi (1.9.3)
    formatador (0.2.4)
    fuubar (1.3.2)
      rspec (>= 2.14.0, < 3.1.0)
      ruby-progressbar (~> 1.3)
    gherkin (2.12.1)
      multi_json (~> 1.3)
    guard (2.2.5)
      formatador (>= 0.2.4)
      listen (~> 2.1)
      lumberjack (~> 1.0)
      pry (>= 0.9.12)
      thor (>= 0.18.1)
    guard-cucumber (1.4.0)
      cucumber (>= 1.2.0)
      guard (>= 1.1.0)
    guard-rspec (4.2.0)
      guard (>= 2.1.1)
      rspec (>= 2.14, < 4.0)
    hiredis (0.4.5)
    i18n (0.6.9)
    ice_cube (0.11.2)
    listen (2.4.0)
      celluloid (>= 0.15.2)
      rb-fsevent (>= 0.9.3)
      rb-inotify (>= 0.9)
    lumberjack (1.0.4)
    mail (2.5.4)
      mime-types (~> 1.16)
      treetop (~> 1.4.8)
    method_source (0.8.2)
    mime-types (1.25.1)
    multi_json (1.7.9)
    multi_test (0.0.2)
    numerizer (0.1.1)
    oj (2.5.4)
    perftools.rb (2.0.1)
    polyglot (0.3.3)
    pry (0.9.12.4)
      coderay (~> 1.0)
      method_source (~> 0.8)
      slop (~> 3.4)
    rack (1.5.2)
    rack-protection (1.5.2)
      rack
    rack-test (0.6.2)
      rack (>= 1.0)
    rake (10.1.0)
    rb-fsevent (0.9.3)
    rb-inotify (0.9.3)
      ffi (>= 0.5.0)
    redis (3.0.7)
    rspec (3.0.0.beta1)
      rspec-core (= 3.0.0.beta1)
      rspec-expectations (= 3.0.0.beta1)
      rspec-mocks (= 3.0.0.beta1)
    rspec-core (3.0.0.beta1)
      rspec-support (= 3.0.0.beta1)
    rspec-expectations (3.0.0.beta1)
      diff-lcs (>= 1.1.3, < 2.0)
      rspec-support (= 3.0.0.beta1)
    rspec-mocks (3.0.0.beta1)
      rspec-support (= 3.0.0.beta1)
    rspec-support (3.0.0.beta1)
    ruby-prof (0.13.0)
    ruby-progressbar (1.3.2)
    safe_yaml (0.9.5)
    simplecov (0.7.1)
      multi_json (~> 1.0)
      simplecov-html (~> 0.7.1)
    simplecov-html (0.7.1)
    sinatra (1.4.4)
      rack (~> 1.4)
      rack-protection (~> 1.4)
      tilt (~> 1.3, >= 1.3.4)
    slop (3.4.7)
    thor (0.18.1)
    tilt (1.4.1)
    timers (1.1.0)
    treetop (1.4.15)
      polyglot
      polyglot (>= 0.3.1)
    tzinfo (1.0.1)
    tzinfo-data (1.2013.9)
      tzinfo (>= 1.0.0)
    webmock (1.13.0)
      addressable (>= 2.2.7)
      crack (>= 0.3.2)
    xmpp4r (0.5.5)

PLATFORMS
  ruby

DEPENDENCIES
  cucumber
  debugger-ruby_core_source (>= 1.3.1)
  delorean
  flapjack!
  fuubar
  guard
  guard-cucumber
  guard-rspec
  perftools.rb
  rack-test
  rake
  rb-fsevent
  rspec (~> 3.0.0.beta1)
  ruby-prof
  sandstorm!
  simplecov
  webmock
