GIT
  remote: git://github.com/ali-graham/sandstorm.git
  revision: 35c40ab8a314d366685a3859d2e71b9375a9fd39
  specs:
    sandstorm (0.0.1)
      activemodel
      redis

PATH
  remote: .
  specs:
    flapjack (0.7.27)
      activesupport (~> 3.2.14)
      chronic
      chronic_duration
      dante
      hiredis
      ice_cube
      mail
      oj
      redis
      sinatra
      tzinfo (~> 1.0.1)
      tzinfo-data
      xmpp4r

GEM
  remote: https://rubygems.org/
  specs:
    activemodel (3.2.15)
      activesupport (= 3.2.15)
      builder (~> 3.0.0)
    activesupport (3.2.15)
      i18n (~> 0.6, >= 0.6.4)
      multi_json (~> 1.0)
    addressable (2.3.2)
    builder (3.0.4)
    chronic (0.9.1)
    chronic_duration (0.10.2)
      numerizer (~> 0.1.1)
    coderay (1.0.8)
    crack (0.3.2)
    cucumber (1.2.1)
      builder (>= 2.1.2)
      diff-lcs (>= 1.1.3)
      gherkin (~> 2.11.0)
      json (>= 1.4.6)
    dante (0.1.5)
    delorean (2.1.0)
      chronic
    diff-lcs (1.1.3)
    fuubar (1.1.0)
      rspec (~> 2.0)
      rspec-instafail (~> 0.2.0)
      ruby-progressbar (~> 1.0.0)
    fuubar-cucumber (0.0.18)
      cucumber (~> 1.2.0)
      ruby-progressbar (~> 1.0.0)
    gherkin (2.11.6)
      json (>= 1.7.6)
    guard (1.6.2)
      listen (>= 0.6.0)
      lumberjack (>= 1.0.2)
      pry (>= 0.9.10)
      terminal-table (>= 1.4.3)
      thor (>= 0.14.6)
    guard-cucumber (1.3.2)
      cucumber (>= 1.2.0)
      guard (>= 1.1.0)
    guard-rspec (2.4.0)
      guard (>= 1.1)
      rspec (~> 2.11)
    hiredis (0.4.5)
    i18n (0.6.5)
    ice_cube (0.11.0)
    json (1.7.6)
    json_spec (1.1.0)
      multi_json (~> 1.0)
      rspec (~> 2.0)
    listen (0.7.2)
    lumberjack (1.0.2)
    mail (2.5.4)
      mime-types (~> 1.16)
      treetop (~> 1.4.8)
    method_source (0.8.1)
    mime-types (1.25)
    multi_json (1.8.2)
    numerizer (0.1.1)
    oj (2.1.7)
    perftools.rb (2.0.1)
    polyglot (0.3.3)
    pry (0.9.11.4)
      coderay (~> 1.0.5)
      method_source (~> 0.8)
      slop (~> 3.4)
    rack (1.5.1)
    rack-protection (1.5.0)
      rack
    rack-test (0.6.2)
      rack (>= 1.0)
    rake (10.0.3)
    rb-fsevent (0.9.3)
    redis (3.0.5)
    rspec (2.12.0)
      rspec-core (~> 2.12.0)
      rspec-expectations (~> 2.12.0)
      rspec-mocks (~> 2.12.0)
    rspec-core (2.12.2)
    rspec-expectations (2.12.1)
      diff-lcs (~> 1.1.3)
    rspec-instafail (0.2.4)
    rspec-mocks (2.12.2)
    ruby-prof (0.13.0)
    ruby-progressbar (1.0.2)
    simplecov (0.7.1)
      multi_json (~> 1.0)
      simplecov-html (~> 0.7.1)
    simplecov-html (0.7.1)
    sinatra (1.4.3)
      rack (~> 1.4)
      rack-protection (~> 1.4)
      tilt (~> 1.3, >= 1.3.4)
    slop (3.4.3)
    terminal-table (1.4.5)
    thor (0.17.0)
    tilt (1.4.1)
    treetop (1.4.15)
      polyglot
      polyglot (>= 0.3.1)
    tzinfo (1.0.1)
    tzinfo-data (1.2013.7)
    webmock (1.9.0)
      addressable (>= 2.2.7)
      crack (>= 0.1.7)
    xmpp4r (0.5.5)

PLATFORMS
  ruby

DEPENDENCIES
  cucumber
  delorean
  flapjack!
  fuubar
  fuubar-cucumber
  guard
  guard-cucumber
  guard-rspec
  json_spec
  perftools.rb
  rack-test
  rake
  rb-fsevent (~> 0.9.1)
  rspec
  ruby-prof
  sandstorm!
  simplecov
  webmock
